PATH
  remote: .
  specs:
    get_process_mem (0.0.1)

GEM
  remote: https://rubygems.org/
  specs:
    rake (10.1.1)

PLATFORMS
  ruby

DEPENDENCIES
  get_process_mem!
  rake (~> 10.1)
